GEM
  remote: http://rubygems.org/
  specs:
    activesupport (3.2.7)
      i18n (~> 0.6)
      multi_json (~> 1.0)
    ansi (1.4.3)
    i18n (0.6.0)
    metaclass (0.0.1)
    mocha (0.12.3)
      metaclass (~> 0.0.1)
    multi_json (1.3.6)
    shoulda (3.1.1)
      shoulda-context (~> 1.0)
      shoulda-matchers (~> 1.2)
    shoulda-context (1.0.0)
    shoulda-matchers (1.2.0)
      activesupport (>= 3.0.0)
    turn (0.9.6)
      ansi

PLATFORMS
  ruby

DEPENDENCIES
  mocha
  shoulda
  turn
