PATH
  remote: .
  specs:
    document-store (2.2.3)
      em-synchrony
      mongo (= 1.9.2)

GEM
  remote: http://rubygems.org/
  specs:
    activesupport (3.2.7)
      i18n (~> 0.6)
      multi_json (~> 1.0)
    ansi (1.4.3)
    bson (1.9.2)
    em-minitest (1.0.1)
    em-synchrony (1.0.3)
      eventmachine (>= 1.0.0.beta.1)
    eventmachine (1.0.3)
    i18n (0.6.0)
    metaclass (0.0.1)
    mocha (0.14.0)
      metaclass (~> 0.0.1)
    mongo (1.9.2)
      bson (~> 1.9.2)
    multi_json (1.3.6)
    rake (10.1.0)
    shoulda (3.1.1)
      shoulda-context (~> 1.0)
      shoulda-matchers (~> 1.2)
    shoulda-context (1.0.0)
    shoulda-matchers (1.2.0)
      activesupport (>= 3.0.0)
    turn (0.9.6)
      ansi

PLATFORMS
  ruby

DEPENDENCIES
  document-store!
  em-minitest
  mocha
  rake
  shoulda
  turn
